GIT
  remote: https://github.com/datamapper/dm-core
  revision: 9224447f73ff861a0870135564d1aa5df37b6eaa
  branch: release-1.2
  specs:
    dm-core (1.2.1)
      addressable (~> 2.3.3)

GIT
  remote: https://github.com/p/dm-sweatshop-without-parsetree
  revision: 623ed21c1e75072401a85530c09cc2c8ff029ac2
  branch: integrity
  specs:
    dm-sweatshop (1.2.0)
      dm-core (~> 1.2.0)
      randexp (~> 0.1.5)

GEM
  remote: http://rubygems.org/
  specs:
    activemodel (3.2.13)
      activesupport (= 3.2.13)
      builder (~> 3.0.0)
    activerecord (3.2.13)
      activemodel (= 3.2.13)
      activesupport (= 3.2.13)
      arel (~> 3.0.2)
      tzinfo (~> 0.3.29)
    activesupport (3.2.13)
      i18n (= 0.6.1)
      multi_json (~> 1.0)
    addressable (2.3.3)
    ansi (1.4.3)
    arel (3.0.2)
    aws-ses (0.4.4)
      builder
      mail (> 2.2.5)
      mime-types
      xml-simple
    bcat (0.6.2)
      rack (~> 1.0)
    bcrypt-ruby (3.0.1)
    broach (0.2.1)
      json (~> 1.4)
      nap (~> 0.3)
    builder (3.0.4)
    bunny (0.8.0)
    chronic_duration (0.10.2)
      numerizer (~> 0.1.1)
    contest (0.1.3)
    crack (0.3.2)
    data_mapper (1.2.0)
      dm-aggregates (~> 1.2.0)
      dm-constraints (~> 1.2.0)
      dm-core (~> 1.2.0)
      dm-migrations (~> 1.2.0)
      dm-serializer (~> 1.2.0)
      dm-timestamps (~> 1.2.0)
      dm-transactions (~> 1.2.0)
      dm-types (~> 1.2.0)
      dm-validations (~> 1.2.0)
    data_objects (0.10.12)
      addressable (~> 2.1)
    delayed_job (3.0.5)
      activesupport (~> 3.0)
    delayed_job_active_record (0.4.4)
      activerecord (>= 2.1.0, < 4)
      delayed_job (~> 3.0)
    dm-aggregates (1.2.0)
      dm-core (~> 1.2.0)
    dm-constraints (1.2.0)
      dm-core (~> 1.2.0)
    dm-do-adapter (1.2.0)
      data_objects (~> 0.10.6)
      dm-core (~> 1.2.0)
    dm-migrations (1.2.0)
      dm-core (~> 1.2.0)
    dm-mysql-adapter (1.2.0)
      dm-do-adapter (~> 1.2.0)
      do_mysql (~> 0.10.6)
    dm-serializer (1.2.2)
      dm-core (~> 1.2.0)
      fastercsv (~> 1.5)
      json (~> 1.6)
      json_pure (~> 1.6)
      multi_json (~> 1.0)
    dm-sqlite-adapter (1.2.0)
      dm-do-adapter (~> 1.2.0)
      do_sqlite3 (~> 0.10.6)
    dm-timestamps (1.2.0)
      dm-core (~> 1.2.0)
    dm-transactions (1.2.0)
      dm-core (~> 1.2.0)
    dm-types (1.2.2)
      bcrypt-ruby (~> 3.0)
      dm-core (~> 1.2.0)
      fastercsv (~> 1.5)
      json (~> 1.6)
      multi_json (~> 1.0)
      stringex (~> 1.4)
      uuidtools (~> 2.1)
    dm-validations (1.2.0)
      dm-core (~> 1.2.0)
    do_mysql (0.10.12)
      data_objects (= 0.10.12)
    do_sqlite3 (0.10.12)
      data_objects (= 0.10.12)
    extlib (0.9.16)
    fastercsv (1.5.5)
    haml (4.0.2)
      tilt
    hpricot (0.8.6)
    i18n (0.6.1)
    json (1.7.7)
    json_pure (1.7.7)
    kgio (2.8.0)
    mail (2.5.3)
      i18n (>= 0.4.0)
      mime-types (~> 1.16)
      treetop (~> 1.4.8)
    metaclass (0.0.1)
    mime-types (1.22)
    mocha (0.13.3)
      metaclass (~> 0.0.1)
    multi_json (1.7.2)
    mysql (2.9.1)
    nap (0.5.1)
    nokogiri (1.5.9)
    numerizer (0.1.1)
    polyglot (0.3.3)
    pony (1.4)
      mail (> 2.0)
    rack (1.5.2)
    rack-protection (1.5.0)
      rack
    rack-test (0.6.2)
      rack (>= 1.0)
    raindrops (0.11.0)
    rake (10.0.4)
    randexp (0.1.7)
    redgreen (1.2.2)
    rr (1.0.5)
    sass (3.2.7)
    sinatra (1.4.2)
      rack (~> 1.5, >= 1.5.2)
      rack-protection (~> 1.4)
      tilt (~> 1.3, >= 1.3.4)
    sinatra-authorization (1.0.0)
      sinatra (>= 0.9.1.1)
    sqlite3 (1.3.7)
    stringex (1.5.1)
    tilt (1.3.7)
    timecop (0.6.1)
    treetop (1.4.12)
      polyglot
      polyglot (>= 0.3.1)
    turn (0.9.6)
      ansi
    tzinfo (0.3.37)
    unicorn (4.6.2)
      kgio (~> 2.6)
      rack
      raindrops (~> 0.7)
    uuidtools (2.1.3)
    webmock (1.11.0)
      addressable (>= 2.2.7)
      crack (>= 0.3.2)
    webrat (0.7.3)
      nokogiri (>= 1.2.0)
      rack (>= 1.0)
      rack-test (>= 0.5.3)
    xml-simple (1.1.2)

PLATFORMS
  ruby

DEPENDENCIES
  activerecord (~> 3.2)
  aws-ses
  bcat
  broach
  bunny
  chronic_duration
  contest
  data_mapper (~> 1.2)
  delayed_job
  delayed_job_active_record
  dm-core!
  dm-mysql-adapter (= 1.2.0)
  dm-sqlite-adapter
  dm-sweatshop!
  do_sqlite3
  extlib
  haml
  hpricot
  i18n
  mocha
  mysql
  nap
  nokogiri
  pony
  rack-test
  rake
  randexp
  redgreen
  rr
  sass
  sinatra
  sinatra-authorization
  sqlite3
  timecop
  turn
  unicorn
  webmock
  webrat
